GEM
  remote: https://rubygems.org/
  specs:
    mysql (2.9.1)
    rainbow (1.1.4)
    rake (10.1.0)

PLATFORMS
  ruby

DEPENDENCIES
  mysql
  rainbow
  rake
